GEM
  remote: https://rubygems.org/
  specs:
    hike (1.2.3)
    opal (0.8.0)
      hike (~> 1.2)
      sourcemap (~> 0.1.0)
      sprockets (~> 3.1)
      tilt (>= 1.4)
    opal-browser (0.2.0)
      opal
      paggio
    paggio (0.2.6)
    rack (1.6.4)
    sourcemap (0.1.1)
    sprockets (3.4.0)
      rack (> 1, < 3)
    tilt (2.0.1)

PLATFORMS
  ruby

DEPENDENCIES
  opal
  opal-browser

BUNDLED WITH
   1.12.5
